GEM
  remote: http://rubygems.org/
  specs:
    byebug (9.0.6)
    coderay (1.1.1)
    method_source (0.8.2)
    pry (0.10.4)
      coderay (~> 1.1.0)
      method_source (~> 0.8.1)
      slop (~> 3.4)
    pry-byebug (3.4.0)
      byebug (~> 9.0)
      pry (~> 0.10)
    rack (1.6.0)
    rack-protection (1.5.3)
      rack
    sinatra (1.4.5)
      rack (~> 1.4)
      rack-protection (~> 1.4)
      tilt (~> 1.3, >= 1.3.4)
    slop (3.6.0)
    tilt (1.4.1)

PLATFORMS
  ruby

DEPENDENCIES
  pry-byebug
  sinatra

BUNDLED WITH
   1.13.6
